GEM
  remote: https://rubygems.org/
  specs:
    addressable (2.8.0)
      public_suffix (>= 2.0.2, < 5.0)
    awesome_print (1.9.2)
    aws-eventstream (1.2.0)
    aws-partitions (1.543.0)
    aws-sdk-core (3.125.0)
      aws-eventstream (~> 1, >= 1.0.2)
      aws-partitions (~> 1, >= 1.525.0)
      aws-sigv4 (~> 1.1)
      jmespath (~> 1.0)
    aws-sdk-kms (1.53.0)
      aws-sdk-core (~> 3, >= 3.125.0)
      aws-sigv4 (~> 1.1)
    aws-sdk-s3 (1.110.0)
      aws-sdk-core (~> 3, >= 3.125.0)
      aws-sdk-kms (~> 1)
      aws-sigv4 (~> 1.4)
    aws-sigv4 (1.4.0)
      aws-eventstream (~> 1, >= 1.0.2)
    chef-cleanroom (1.0.4)
    chef-config (16.17.18)
      addressable
      chef-utils (= 16.17.18)
      fuzzyurl
      mixlib-config (>= 2.2.12, < 4.0)
      mixlib-shellout (>= 2.0, < 4.0)
      tomlrb (~> 1.2)
    chef-utils (16.17.18)
    citrus (3.0.2)
    contracts (0.16.1)
    ffi (1.15.4)
    ffi-yajl (2.4.0)
      libyajl2 (>= 1.2)
    fuzzyurl (0.9.0)
    iostruct (0.0.4)
    ipaddress (0.8.3)
    jmespath (1.4.0)
    json (2.6.1)
    libyajl2 (2.1.0)
    license_scout (1.2.13)
      ffi-yajl (~> 2.2)
      mixlib-shellout (>= 2.2, < 4.0)
      toml-rb (>= 1, < 3)
    mixlib-cli (2.1.8)
    mixlib-config (3.0.9)
      tomlrb
    mixlib-log (3.0.9)
    mixlib-shellout (3.2.5)
      chef-utils
    mixlib-versioning (1.2.12)
    multipart-post (2.1.1)
    net-scp (3.0.0)
      net-ssh (>= 2.6.5, < 7.0.0)
    net-ssh (6.1.0)
    ohai (16.17.0)
      chef-config (>= 14.12, < 17)
      chef-utils (>= 16.0, < 17)
      ffi (~> 1.9)
      ffi-yajl (~> 2.2)
      ipaddress
      mixlib-cli (>= 1.7.0)
      mixlib-config (>= 2.0, < 4.0)
      mixlib-log (>= 2.0.1, < 4.0)
      mixlib-shellout (~> 3.2, >= 3.2.5)
      plist (~> 3.1)
      train-core
      wmi-lite (~> 1.0)
    omnibus (8.2.2)
      aws-sdk-s3 (~> 1)
      chef-cleanroom (~> 1.0)
      chef-utils (>= 15.4)
      contracts (>= 0.16.0, < 0.17.0)
      ffi-yajl (~> 2.2)
      license_scout (~> 1.0)
      mixlib-shellout (>= 2.0, < 4.0)
      mixlib-versioning
      ohai (>= 15, < 17)
      pedump
      ruby-progressbar (~> 1.7)
      thor (>= 0.18, < 2.0)
    pedump (0.6.3)
      awesome_print
      iostruct (>= 0.0.4)
      multipart-post (>= 2.0.0)
      rainbow
      zhexdump (>= 0.0.2)
    plist (3.6.0)
    public_suffix (4.0.6)
    rainbow (3.0.0)
    ruby-progressbar (1.11.0)
    thor (1.1.0)
    toml-rb (2.1.0)
      citrus (~> 3.0, > 3.0)
    tomlrb (1.3.0)
    train-core (3.8.6)
      addressable (~> 2.5)
      ffi (!= 1.13.0)
      json (>= 1.8, < 3.0)
      mixlib-shellout (>= 2.0, < 4.0)
      net-scp (>= 1.2, < 4.0)
      net-ssh (>= 2.9, < 7.0)
    wmi-lite (1.0.5)
    zhexdump (0.0.2)

PLATFORMS
  x86_64-linux

DEPENDENCIES
  omnibus (~> 8.2)

BUNDLED WITH
   2.2.32
